GEM
  remote: http://rubygems.org/
  specs:
    coderay (1.1.1)
    domain_name (0.5.20170404)
      unf (>= 0.0.5, < 1.0.0)
    ffi (1.9.18-x64-mingw32)
    http-cookie (1.0.3)
      domain_name (~> 0.5)
    mail (2.6.4)
      mime-types (>= 1.16, < 4)
    mailgun-ruby (1.1.5)
      rest-client (~> 2.0)
    method_source (0.8.2)
    mime-types (3.1)
      mime-types-data (~> 3.2015)
    mime-types-data (3.2016.0521)
    netrc (0.11.0)
    pry (0.10.4)
      coderay (~> 1.1.0)
      method_source (~> 0.8.1)
      slop (~> 3.4)
    rack (1.6.5)
    rack-protection (1.5.3)
      rack
    rest-client (2.0.1)
      http-cookie (>= 1.0.2, < 2.0)
      mime-types (>= 1.16, < 4.0)
      netrc (~> 0.8)
    rest-client (2.0.1-x64-mingw32)
      ffi (~> 1.9)
      http-cookie (>= 1.0.2, < 2.0)
      mime-types (>= 1.16, < 4.0)
      netrc (~> 0.8)
    sass (3.4.23)
    sinatra (1.4.8)
      rack (~> 1.5)
      rack-protection (~> 1.4)
      tilt (>= 1.3, < 3)
    slop (3.6.0)
    tilt (2.0.7)
    unf (0.1.4)
      unf_ext
    unf_ext (0.0.7.3)
    unf_ext (0.0.7.3-x64-mingw32)

PLATFORMS
  ruby
  x64-mingw32

DEPENDENCIES
  mail
  mailgun-ruby
  pry
  sass
  sinatra

BUNDLED WITH
   1.14.6
